GEM
  remote: https://rubygems.org/
  specs:
    json (2.6.2)

PLATFORMS
  x86_64-darwin-21

DEPENDENCIES
  json (~> 2.6, >= 2.6.2)

RUBY VERSION
   ruby 3.1.2p20

BUNDLED WITH
   2.3.14
